GEM
  remote: http://rubygems.org/
  specs:
    abstract (1.0.0)
    actionmailer (3.0.4)
      actionpack (= 3.0.4)
      mail (~> 2.2.15)
    actionpack (3.0.4)
      activemodel (= 3.0.4)
      activesupport (= 3.0.4)
      builder (~> 2.1.2)
      erubis (~> 2.6.6)
      i18n (~> 0.4)
      rack (~> 1.2.1)
      rack-mount (~> 0.6.13)
      rack-test (~> 0.5.7)
      tzinfo (~> 0.3.23)
    activemodel (3.0.4)
      activesupport (= 3.0.4)
      builder (~> 2.1.2)
      i18n (~> 0.4)
    activerecord (3.0.4)
      activemodel (= 3.0.4)
      activesupport (= 3.0.4)
      arel (~> 2.0.2)
      tzinfo (~> 0.3.23)
    activeresource (3.0.4)
      activemodel (= 3.0.4)
      activesupport (= 3.0.4)
    activesupport (3.0.4)
    acts_as_list (0.1.2)
    acts_as_reportable (1.1.1)
      ruport (>= 1.6.0)
    arel (2.0.8)
    bluecloth (2.0.10)
    builder (2.1.2)
    color (1.4.1)
    dryml (1.3.0.pre26)
      actionpack (>= 3.0.0)
      hobo_support (= 1.3.0.pre26)
    erubis (2.6.6)
      abstract (>= 1.0.0)
    fastercsv (1.5.4)
    hobo (1.3.0.pre26)
      dryml (= 1.3.0.pre26)
      hobo_fields (= 1.3.0.pre26)
      hobo_support (= 1.3.0.pre26)
      rails (>= 3.0.0)
      will_paginate (>= 3.0.pre)
    hobo_fields (1.3.0.pre26)
      hobo_support (= 1.3.0.pre26)
      rails (>= 3.0.0)
    hobo_support (1.3.0.pre26)
      rails (>= 3.0.0)
    hoe (2.9.1)
      rake (>= 0.8.7)
    i18n (0.5.0)
    mail (2.2.15)
      activesupport (>= 2.3.6)
      i18n (>= 0.4.0)
      mime-types (~> 1.16)
      treetop (~> 1.4.8)
    mime-types (1.16)
    paperclip (2.3.8)
      activerecord
      activesupport
    pdf-writer (1.1.8)
      color (>= 1.4.0)
      transaction-simple (~> 1.3)
    polyglot (0.3.1)
    rack (1.2.1)
    rack-mount (0.6.13)
      rack (>= 1.0.0)
    rack-test (0.5.7)
      rack (>= 1.0)
    rails (3.0.4)
      actionmailer (= 3.0.4)
      actionpack (= 3.0.4)
      activerecord (= 3.0.4)
      activeresource (= 3.0.4)
      activesupport (= 3.0.4)
      bundler (~> 1.0)
      railties (= 3.0.4)
    railties (3.0.4)
      actionpack (= 3.0.4)
      activesupport (= 3.0.4)
      rake (>= 0.8.7)
      thor (~> 0.14.4)
    rake (0.8.7)
    ruport (1.6.3)
      fastercsv
      pdf-writer (= 1.1.8)
    sqlite3 (1.3.3)
    sqlite3-ruby (1.3.3)
      sqlite3 (>= 1.3.3)
    thor (0.14.6)
    transaction-simple (1.4.0)
      hoe (>= 1.1.7)
    treetop (1.4.9)
      polyglot (>= 0.3.1)
    tzinfo (0.3.24)
    will_paginate (3.0.pre2)

PLATFORMS
  ruby

DEPENDENCIES
  acts_as_list
  acts_as_reportable
  bluecloth
  hobo (>= 1.3.0.pre26)
  paperclip
  rails (= 3.0.4)
  ruport
  sqlite3-ruby
